GEM
  remote: https://rubygems.org/
  specs:
    logger (1.7.0)
    zlib (3.2.1)

PLATFORMS
  aarch64-linux-musl
  arm64-darwin-21
  arm64-darwin-23
  arm64-darwin-24
  x86_64-linux

DEPENDENCIES
  logger (~> 1.7)
  zlib (~> 3.2)

BUNDLED WITH
   2.5.22
